STORAGE: NONE
RESTRICTION: == netstandard2.0
NUGET
  remote: https://www.nuget.org/api/v2
    dotnet-fable (1.3.8) - clitool: true
    Fable.Core (1.3.8)
      FSharp.Core (>= 4.2.3)
      NETStandard.Library (>= 1.6.1)
    Fable.Elmish (1.0.1)
      Fable.Core (>= 1.2.4)
      Fable.PowerPack (>= 1.3)
      FSharp.Core (>= 4.2.3)
    Fable.Elmish.Browser (1.0)
      Fable.Core (>= 1.2.4)
      Fable.Elmish (>= 1.0)
      Fable.Import.Browser (>= 0.1)
      FSharp.Core (>= 4.2.3)
    Fable.Elmish.Debugger (1.0.1)
      Fable.Core (>= 1.3.1)
      Fable.Elmish (>= 1.0)
      FSharp.Core (>= 4.2.3)
    Fable.Elmish.HMR (1.0)
      Fable.Core (>= 1.2.4)
      Fable.Elmish (>= 0.9.2)
      FSharp.Core (>= 4.2.3)
    Fable.Elmish.React (1.0.1)
      Fable.Core (>= 1.3.8)
      Fable.Elmish (>= 1.0.1)
      Fable.PowerPack (>= 1.3.2)
      Fable.React (>= 2.0)
      FSharp.Core (>= 4.2.3)
    Fable.Import.Browser (1.0)
      Fable.Core (>= 1.3.7)
      FSharp.Core (>= 4.2.3)
    Fable.PowerPack (1.3.4)
      Fable.Core (>= 1.3.8)
      Fable.Import.Browser (>= 1.0)
      FSharp.Core (>= 4.2.3)
    Fable.React (2.1)
      Fable.Core (>= 1.3.7)
      Fable.Import.Browser (>= 0.1)
      FSharp.Core (>= 4.2.3)
    FSharp.Core (4.3.2) - redirects: force
    Fulma (1.0.0-beta-007)
      Fable.Core (>= 1.3.7)
      Fable.React (>= 1.2.2)
    Fulma.Elmish (0.1.0-beta-005)
      Fable.Core (>= 1.3.7)
      Fable.Elmish (>= 1.0.1)
      Fable.PowerPack (>= 1.3.2)
      Fable.React (>= 1.2.2)
      Fulma.Extensions (>= 1.0.0-beta-010)
    Fulma.Extensions (1.0.0-beta-010)
      Fable.Core (>= 1.3.7)
      Fable.React (>= 1.2.2)
      Fulma (>= 1.0.0-beta-006)
    Microsoft.NETCore.Platforms (2.0.1)
    NETStandard.Library (2.0.1)
      Microsoft.NETCore.Platforms (>= 1.1)

GROUP Build
NUGET
  remote: https://www.nuget.org/api/v2
    FAKE (4.64.4)
